GEM
  remote: https://rubygems.org/
  specs:
    mini_portile2 (2.7.1)
    nokogiri (1.13.0)
      mini_portile2 (~> 2.7.0)
      racc (~> 1.4)
    racc (1.8.1)
    rack (1.6.13)
    rack-protection (1.5.5)
      rack
    sinatra (1.4.7)
      rack (~> 1.5)
      rack-protection (~> 1.4)
      tilt (>= 1.3, < 3)
    tilt (2.6.0)

PLATFORMS
  arm64-darwin-23
  ruby

DEPENDENCIES
  nokogiri (= 1.13.0)
  rack (= 1.6.13)
  sinatra (= 1.4.7)

BUNDLED WITH
   2.5.16
